GIT
  remote: https://github.com/greensnark/re2.git
  revision: 7184c40f16d87cb0de6966da687f07db5526325b
  specs:
    re2 (0.6.0.pre)

GEM
  remote: https://rubygems.org/
  specs:
    blankslate (3.1.3)
    coderay (1.1.0)
    diff-lcs (1.2.5)
    gserver (0.0.1)
    haml (4.0.6)
      tilt
    json (2.1.0)
    method_source (0.8.2)
    mime-types (2.4.3)
    netrc (0.10.3)
    parslet (1.6.2)
      blankslate (>= 2.0, <= 4.0)
    pg (0.18.1)
    pry (0.10.1)
      coderay (~> 1.1.0)
      method_source (~> 0.8.1)
      slop (~> 3.4)
    rack (1.6.8)
    rack-protection (1.5.3)
      rack
    rack-timeout (0.2.0)
    rest-client (1.7.3)
      mime-types (>= 1.16, < 3.0)
      netrc (~> 0.7)
    rspec (3.2.0)
      rspec-core (~> 3.2.0)
      rspec-expectations (~> 3.2.0)
      rspec-mocks (~> 3.2.0)
    rspec-core (3.2.1)
      rspec-support (~> 3.2.0)
    rspec-expectations (3.2.0)
      diff-lcs (>= 1.2.0, < 2.0)
      rspec-support (~> 3.2.0)
    rspec-mocks (3.2.1)
      diff-lcs (>= 1.2.0, < 2.0)
      rspec-support (~> 3.2.0)
    rspec-support (3.2.2)
    sinatra (1.4.5)
      rack (~> 1.4)
      rack-protection (~> 1.4)
      tilt (~> 1.3, >= 1.3.4)
    slop (3.6.0)
    sqlite3 (1.3.10)
    tilt (1.4.1)

PLATFORMS
  ruby

DEPENDENCIES
  gserver
  haml
  json
  parslet (= 1.6.2)
  pg
  pry
  rack-timeout
  re2!
  rest-client
  rspec
  sinatra
  sqlite3

BUNDLED WITH
   1.15.1
